{
  "AcquisitionMatrixPE": 416,
  "AcquisitionNumber": 1,
  "AcquisitionTime": "15:22:35.427500",
  "BaseResolution": 512,
  "BodyPartExamined": "BRAIN",
  "ConsistencyInfo": "N4_VE11C_LATEST_20160120",
  "ConversionSoftware": "dcm2niix",
  "ConversionSoftwareVersion": "v1.0.20180622 GCC6.3.0",
  "DeviceSerialNumber": "166058",
  "DwellTime": 9.2e-06,
  "EchoTime": 0.016,
  "EchoTrainLength": 11,
  "FlipAngle": 120,
  "ImageOrientationPatientDICOM": [1, 0, 0, 0, 0.567844, -0.823136],
  "ImageType": [
    "ORIGINAL",
    "PRIMARY",
    "M",
    "NORM",
    "DIS2D"
],
  "InPlanePhaseEncodingDirectionDICOM": "ROW",
  "InstitutionAddress": "Schleusenweg_2-16_Frankfurt_District_DE_60528",
  "InstitutionName": "Brain_Imaging_Center_(BIC)",
  "InstitutionalDepartmentName": "BIC",
  "MRAcquisitionType": "2D",
  "MagneticFieldStrength": 3,
  "Manufacturer": "Siemens",
  "ManufacturersModelName": "Prisma",
  "Modality": "MR",
  "PartialFourier": 1,
  "PatientPosition": "HFS",
  "PercentPhaseFOV": 81.25,
  "PhaseEncodingDirection": "i",
  "PhaseEncodingSteps": 418,
  "PhaseResolution": 1,
  "PixelBandwidth": 105,
  "ProcedureStepDescription": "Yee_Lee_FeedBES",
  "ProtocolName": "lowSAR_v1_PD_tse_0.4_0.4_2.0_TE16",
  "PulseSequenceDetails": "%SiemensSeq%_tse",
  "ReceiveCoilActiveElements": "HEA;HEP",
  "ReceiveCoilName": "Head_32",
  "ReconMatrixPE": 512,
  "RepetitionTime": 6.5,
  "SAR": 0.120965,
  "ScanOptions": "FS",
  "ScanningSequence": "SE",
  "SequenceName": "_tse2d1_11",
  "SequenceVariant": "SK_SP_OSP",
  "SeriesDescription": "lowSAR_v1_PD_tse_0.4_0.4_2.0_TE16",
  "SeriesNumber": 8,
  "ShimSetting": [7073, -5561, 881, 641, 33, -28, 144, -26],
  "SliceThickness": 2,
  "SoftwareVersions": "syngo_MR_E11",
  "SpacingBetweenSlices": 2,
  "StationName": "AWP166058",
  "TxRefAmp": 247.734}