{
  "AcquisitionMatrixPE": 104,
  "AcquisitionNumber": 1,
  "AcquisitionTime": "12:04:55.450000",
  "BaseResolution": 104,
  "BodyPartExamined": "BRAIN",
  "ConsistencyInfo": "N4_VE11C_LATEST_20160120",
  "ConversionSoftware": "dcm2niix",
  "ConversionSoftwareVersion": "v1.0.20180622 GCC6.3.0",
  "DeviceSerialNumber": "166058",
  "DwellTime": 2.1e-06,
  "EchoTime": 0.038,
  "FlipAngle": 90,
  "ImageOrientationPatientDICOM": [
    1,
    0,
    0,
    0,
    0.939693,
    -0.34202
  ],
  "ImageType": [
    "ORIGINAL",
    "PRIMARY",
    "M",
    "ND",
    "MOSAIC"
  ],
  "InPlanePhaseEncodingDirectionDICOM": "COL",
  "InstitutionAddress": "Schleusenweg_2-16_Frankfurt_District_DE_60528",
  "InstitutionName": "Brain_Imaging_Center_(BIC)",
  "InstitutionalDepartmentName": "BIC",
  "MRAcquisitionType": "2D",
  "MagneticFieldStrength": 3,
  "Manufacturer": "Siemens",
  "ManufacturersModelName": "Prisma",
  "Modality": "MR",
  "PartialFourier": 1,
  "PatientPosition": "HFS",
  "PercentPhaseFOV": 100,
  "PhaseEncodingDirection": "j-",
  "PhaseEncodingSteps": 104,
  "PhaseResolution": 1,
  "PixelBandwidth": 2290,
  "ProcedureStepDescription": "Yee_Lee_FeedBES",
  "ProtocolName": "FeedBES_correction_posBlip",
  "PulseSequenceDetails": "%CustomerSeq%_bic_ep2d_v3",
  "ReceiveCoilActiveElements": "HEA;HEP",
  "ReceiveCoilName": "Head_32",
  "ReconMatrixPE": 104,
  "RepetitionTime": 6.4,
  "SAR": 0.0655483,
  "ScanOptions": "FS",
  "ScanningSequence": "RM",
  "SequenceName": "ep2d_v32d1",
  "SequenceVariant": "SP",
  "SeriesDescription": "FeedBES_correction_posBlip",
  "SeriesNumber": 12,
  "ShimSetting": [
    7062,
    -5588,
    845,
    482,
    -44,
    -91,
    -86,
    -7
  ],
  "SliceThickness": 2,
  "SliceTiming": [
    3.2,
    0,
    3.29,
    0.09,
    3.3775,
    0.18,
    3.4675,
    0.2675,
    3.5575,
    0.3575,
    3.645,
    0.445,
    3.735,
    0.535,
    3.8225,
    0.6225,
    3.9125,
    0.7125,
    4,
    0.8,
    4.09,
    0.89,
    4.1775,
    0.98,
    4.2675,
    1.0675,
    4.3575,
    1.1575,
    4.445,
    1.245,
    4.535,
    1.335,
    4.6225,
    1.4225,
    4.7125,
    1.5125,
    4.8,
    1.6,
    4.89,
    1.69,
    4.9775,
    1.78,
    5.0675,
    1.8675,
    5.155,
    1.9575,
    5.245,
    2.045,
    5.335,
    2.135,
    5.4225,
    2.2225,
    5.5125,
    2.3125,
    5.6,
    2.4,
    5.69,
    2.49,
    5.7775,
    2.5775,
    5.8675,
    2.6675,
    5.955,
    2.7575,
    6.045,
    2.845,
    6.135,
    2.935,
    6.2225,
    3.0225,
    6.3125,
    3.1125
  ],
  "SoftwareVersions": "syngo_MR_E11",
  "SpacingBetweenSlices": 2,
  "StationName": "AWP166058",
  "TxRefAmp": 247.97,
  "TotalReadoutTime": ".05974",
  "IntendedFor": [
    "ses-02/func/sub-11_ses-02_task-feedBES_run-3_bold.nii.gz",
    "ses-02/func/sub-11_ses-02_task-feedBES_run-4_bold.nii.gz",
    "ses-02/func/sub-11_ses-02_task-retmap_bold.nii.gz",
    "ses-02/func/sub-11_ses-02_task-sensoryT_bold.nii.gz"
  ]
}
