{
  "AcquisitionMatrixPE": 104,
  "AcquisitionNumber": 1,
  "AcquisitionTime": "10:40:33.170000",
  "BandwidthPerPixelPhaseEncode": 16.578,
  "BaseResolution": 104,
  "BodyPartExamined": "BRAIN",
  "ConsistencyInfo": "N4_VE11C_LATEST_20160120",
  "ConversionSoftware": "dcm2niix",
  "ConversionSoftwareVersion": "v1.0.20180622 GCC6.3.0",
  "DerivedVendorReportedEchoSpacing": 0.000580009,
  "DeviceSerialNumber": "166058",
  "DwellTime": 2.1e-06,
  "EchoTime": 0.038,
  "EchoTrainLength": 104,
  "EffectiveEchoSpacing": 0.000580009,
  "FlipAngle": 52,
  "ImageOrientationPatientDICOM": [1, 0, 0, 0, 0.939693, -0.34202],
  "ImageType": [
    "ORIGINAL",
    "PRIMARY",
    "M",
    "ND",
    "MOSAIC"
],
  "InPlanePhaseEncodingDirectionDICOM": "COL",
  "InstitutionAddress": "Schleusenweg_2-16_Frankfurt_District_DE_60528",
  "InstitutionName": "Brain_Imaging_Center_(BIC)",
  "InstitutionalDepartmentName": "BIC",
  "MRAcquisitionType": "2D",
  "MagneticFieldStrength": 3,
  "Manufacturer": "Siemens",
  "ManufacturersModelName": "Prisma",
  "Modality": "MR",
  "MultibandAccelerationFactor": 8,
  "PartialFourier": 1,
  "PatientPosition": "HFS",
  "PercentPhaseFOV": 100,
  "PhaseEncodingDirection": "j-",
  "PhaseEncodingSteps": 104,
  "PhaseResolution": 1,
  "PixelBandwidth": 2290,
  "ProcedureStepDescription": "Yee_Lee_FeedBES",
  "ProtocolName": "FeedBES_2mm_run1",
  "PulseSequenceDetails": "%SiemensSeq%_ep2d_bold",
  "ReceiveCoilActiveElements": "HEA;HEP",
  "ReceiveCoilName": "Head_32",
  "ReconMatrixPE": 104,
  "RepetitionTime": 0.8,
  "SAR": 0.0699376,
  "ScanOptions": "FS",
  "ScanningSequence": "EP",
  "SequenceName": "_epfid2d1_104",
  "SequenceVariant": "SK",
  "SeriesDescription": "FeedBES_2mm_run1",
  "SeriesNumber": 3,
  "ShimSetting": [7057, -5587, 833, 546, -48, -91, -115, 10],
  "SliceThickness": 2,
  "SliceTiming": [0.3475, 0, 0.435, 0.0875, 0.52, 0.175, 0.6075, 0.26, 0.695, 0.3475, 0, 0.435, 0.0875, 0.52, 0.175, 0.6075, 0.26, 0.695, 0.3475, 0, 0.435, 0.0875, 0.52, 0.175, 0.6075, 0.26, 0.695, 0.3475, 0, 0.435, 0.0875, 0.52, 0.175, 0.6075, 0.26, 0.695, 0.3475, 0, 0.435, 0.0875, 0.52, 0.175, 0.6075, 0.26, 0.695, 0.3475, 0, 0.435, 0.0875, 0.52, 0.175, 0.6075, 0.26, 0.695, 0.3475, 0, 0.435, 0.0875, 0.52, 0.175, 0.6075, 0.26, 0.695, 0.3475, 0, 0.435, 0.0875, 0.52, 0.175, 0.6075, 0.26, 0.695],
  "SoftwareVersions": "syngo_MR_E11",
  "SpacingBetweenSlices": 2,
  "StationName": "AWP166058",
  "TaskName": "feedBES",
  "TotalReadoutTime": 0.0597409,
  "TxRefAmp": 250.051}