{
  "AcquisitionMatrixPE": 104,
  "AcquisitionNumber": 1,
  "AcquisitionTime": "12:43:34.447500",
  "BaseResolution": 104,
  "BodyPartExamined": "BRAIN",
  "ConsistencyInfo": "N4_VE11C_LATEST_20160120",
  "ConversionSoftware": "dcm2niix",
  "ConversionSoftwareVersion": "v1.0.20180622 GCC6.3.0",
  "DeviceSerialNumber": "166058",
  "DwellTime": 2.1e-06,
  "EchoTime": 0.038,
  "FlipAngle": 90,
  "ImageOrientationPatientDICOM": [
    1,
    0,
    0,
    0,
    0.939693,
    -0.34202
  ],
  "ImageType": [
    "ORIGINAL",
    "PRIMARY",
    "M",
    "ND",
    "MOSAIC"
  ],
  "InPlanePhaseEncodingDirectionDICOM": "COL",
  "InstitutionAddress": "Schleusenweg_2-16_Frankfurt_District_DE_60528",
  "InstitutionName": "Brain_Imaging_Center_(BIC)",
  "InstitutionalDepartmentName": "BIC",
  "MRAcquisitionType": "2D",
  "MagneticFieldStrength": 3,
  "Manufacturer": "Siemens",
  "ManufacturersModelName": "Prisma",
  "Modality": "MR",
  "PartialFourier": 1,
  "PatientPosition": "HFS",
  "PercentPhaseFOV": 100,
  "PhaseEncodingDirection": "j-",
  "PhaseEncodingSteps": 104,
  "PhaseResolution": 1,
  "PixelBandwidth": 2290,
  "ProcedureStepDescription": "Yee_Lee_FeedBES",
  "ProtocolName": "FeedBES_correction_posBlip",
  "PulseSequenceDetails": "%CustomerSeq%_bic_ep2d_v3",
  "ReceiveCoilActiveElements": "HEA;HEP",
  "ReceiveCoilName": "Head_32",
  "ReconMatrixPE": 104,
  "RepetitionTime": 6.4,
  "SAR": 0.0559317,
  "ScanOptions": "FS",
  "ScanningSequence": "RM",
  "SequenceName": "ep2d_v32d1",
  "SequenceVariant": "SP",
  "SeriesDescription": "FeedBES_correction_posBlip",
  "SeriesNumber": 12,
  "ShimSetting": [
    7053,
    -5638,
    841,
    546,
    -54,
    65,
    0,
    7
  ],
  "SliceThickness": 2,
  "SliceTiming": [
    3.2,
    0,
    3.2875,
    0.09,
    3.3775,
    0.1775,
    3.4675,
    0.2675,
    3.555,
    0.355,
    3.645,
    0.445,
    3.7325,
    0.5325,
    3.8225,
    0.6225,
    3.91,
    0.71,
    4,
    0.8,
    4.0875,
    0.89,
    4.1775,
    0.9775,
    4.265,
    1.0675,
    4.355,
    1.155,
    4.445,
    1.245,
    4.5325,
    1.3325,
    4.6225,
    1.4225,
    4.71,
    1.51,
    4.8,
    1.6,
    4.8875,
    1.6875,
    4.9775,
    1.7775,
    5.065,
    1.8675,
    5.155,
    1.955,
    5.245,
    2.045,
    5.3325,
    2.1325,
    5.4225,
    2.2225,
    5.51,
    2.31,
    5.6,
    2.4,
    5.6875,
    2.4875,
    5.7775,
    2.5775,
    5.865,
    2.6675,
    5.955,
    2.755,
    6.045,
    2.845,
    6.1325,
    2.9325,
    6.2225,
    3.0225,
    6.31,
    3.11
  ],
  "SoftwareVersions": "syngo_MR_E11",
  "SpacingBetweenSlices": 2,
  "StationName": "AWP166058",
  "TxRefAmp": 230.527,
  "TotalReadoutTime": ".05974",
  "IntendedFor": [
    "ses-02/func/sub-16_ses-02_task-feedBES_run-3_bold.nii.gz",
    "ses-02/func/sub-16_ses-02_task-feedBES_run-4_bold.nii.gz",
    "ses-02/func/sub-16_ses-02_task-retmap_bold.nii.gz",
    "ses-02/func/sub-16_ses-02_task-sensoryT_bold.nii.gz"
  ]
}
