{
  "AcquisitionMatrixPE": 104,
  "AcquisitionNumber": 1,
  "AcquisitionTime": "17:27:47.420000",
  "BaseResolution": 104,
  "BodyPartExamined": "BRAIN",
  "ConsistencyInfo": "N4_VE11C_LATEST_20160120",
  "ConversionSoftware": "dcm2niix",
  "ConversionSoftwareVersion": "v1.0.20180622 GCC6.3.0",
  "DeviceSerialNumber": "166058",
  "DwellTime": 2.1e-06,
  "EchoTime": 0.038,
  "FlipAngle": 90,
  "ImageOrientationPatientDICOM": [
    1,
    0,
    0,
    0,
    0.939693,
    -0.34202
  ],
  "ImageType": [
    "ORIGINAL",
    "PRIMARY",
    "M",
    "ND",
    "MOSAIC"
  ],
  "InPlanePhaseEncodingDirectionDICOM": "COL",
  "InstitutionAddress": "Schleusenweg_2-16_Frankfurt_District_DE_60528",
  "InstitutionName": "Brain_Imaging_Center_(BIC)",
  "InstitutionalDepartmentName": "BIC",
  "MRAcquisitionType": "2D",
  "MagneticFieldStrength": 3,
  "Manufacturer": "Siemens",
  "ManufacturersModelName": "Prisma",
  "Modality": "MR",
  "PartialFourier": 1,
  "PatientPosition": "HFS",
  "PercentPhaseFOV": 100,
  "PhaseEncodingDirection": "j",
  "PhaseEncodingSteps": 104,
  "PhaseResolution": 1,
  "PixelBandwidth": 2290,
  "ProcedureStepDescription": "Yee_Lee_FeedBES",
  "ProtocolName": "FeedBES_correction_negBlip",
  "PulseSequenceDetails": "%CustomerSeq%_bic_ep2d_v3",
  "ReceiveCoilActiveElements": "HEA;HEP",
  "ReceiveCoilName": "Head_32",
  "ReconMatrixPE": 104,
  "RepetitionTime": 6.4,
  "SAR": 0.0720396,
  "ScanOptions": "FS",
  "ScanningSequence": "RM",
  "SequenceName": "ep2d_v32d1",
  "SequenceVariant": "SP",
  "SeriesDescription": "FeedBES_correction_negBlip",
  "SeriesNumber": 5,
  "ShimSetting": [
    7019,
    -5567,
    809,
    490,
    -130,
    -124,
    -101,
    48
  ],
  "SliceThickness": 2,
  "SliceTiming": [
    3.1975,
    0,
    3.2875,
    0.0875,
    3.3775,
    0.1775,
    3.465,
    0.265,
    3.555,
    0.355,
    3.6425,
    0.4425,
    3.7325,
    0.5325,
    3.82,
    0.62,
    3.91,
    0.71,
    3.9975,
    0.8,
    4.0875,
    0.8875,
    4.1775,
    0.9775,
    4.265,
    1.065,
    4.355,
    1.155,
    4.4425,
    1.2425,
    4.5325,
    1.3325,
    4.62,
    1.42,
    4.71,
    1.51,
    4.7975,
    1.6,
    4.8875,
    1.6875,
    4.9775,
    1.7775,
    5.065,
    1.865,
    5.155,
    1.955,
    5.2425,
    2.0425,
    5.3325,
    2.1325,
    5.42,
    2.22,
    5.51,
    2.31,
    5.5975,
    2.4,
    5.6875,
    2.4875,
    5.775,
    2.5775,
    5.865,
    2.665,
    5.955,
    2.755,
    6.0425,
    2.8425,
    6.1325,
    2.9325,
    6.22,
    3.02,
    6.31,
    3.11
  ],
  "SoftwareVersions": "syngo_MR_E11",
  "SpacingBetweenSlices": 2,
  "StationName": "AWP166058",
  "TxRefAmp": 242.088,
  "TotalReadoutTime": ".05974",
  "IntendedFor": [
    "ses-01/func/sub-03_ses-01_task-feedBES_run-1_bold.nii.gz",
    "ses-01/func/sub-03_ses-01_task-feedBES_run-2_bold.nii.gz",
    "ses-01/func/sub-03_ses-01_task-tarmap_bold.nii.gz",
    "ses-01/func/sub-03_ses-01_task-bars_bold.nii.gz"
  ]
}
